GEM
  remote: https://rubygems.org/
  specs:
    dry-inflector (0.2.0)
    faraday (1.0.0)
      multipart-post (>= 1.2, < 3)
    multipart-post (2.1.1)
    oj (3.10.1)

PLATFORMS
  ruby

DEPENDENCIES
  dry-inflector
  faraday
  oj

BUNDLED WITH
   2.0.2
