PATH
  remote: .
  specs:
    abt-cli (0.0.11)
      dry-inflector (~> 0.2)
      faraday (~> 1.0)
      oj (~> 3.10)

GEM
  remote: https://rubygems.org/
  specs:
    ast (2.4.0)
    dry-inflector (0.2.0)
    faraday (1.0.0)
      multipart-post (>= 1.2, < 3)
    jaro_winkler (1.5.4)
    multipart-post (2.1.1)
    oj (3.10.1)
    parallel (1.19.1)
    parser (2.7.0.2)
      ast (~> 2.4.0)
    rainbow (3.0.0)
    rubocop (0.78.0)
      jaro_winkler (~> 1.5.1)
      parallel (~> 1.10)
      parser (>= 2.6)
      rainbow (>= 2.2.2, < 4.0)
      ruby-progressbar (~> 1.7)
      unicode-display_width (>= 1.4.0, < 1.7)
    ruby-progressbar (1.10.1)
    unicode-display_width (1.6.1)

PLATFORMS
  ruby

DEPENDENCIES
  abt-cli!
  bundler (~> 2.0)
  rubocop

BUNDLED WITH
   2.0.2
